GEM
  remote: http://rubygems.org/
  specs:
    activemodel (3.2.8)
      activesupport (= 3.2.8)
      builder (~> 3.0.0)
    activerecord (3.2.8)
      activemodel (= 3.2.8)
      activesupport (= 3.2.8)
      arel (~> 3.0.2)
      tzinfo (~> 0.3.29)
    activesupport (3.2.8)
      i18n (~> 0.6)
      multi_json (~> 1.0)
    arel (3.0.2)
    builder (3.0.4)
    haml (3.1.7)
    i18n (0.6.1)
    json_pure (1.7.5)
    multi_json (1.3.6)
    newrelic_rpm (3.4.2.1)
    pg (0.14.1)
    rack (1.4.1)
    rack-protection (1.2.0)
      rack
    sinatra (1.3.3)
      rack (~> 1.3, >= 1.3.6)
      rack-protection (~> 1.2)
      tilt (~> 1.3, >= 1.3.3)
    sinatra-activerecord (1.1.1)
      activerecord (~> 3.0)
      sinatra (~> 1.0)
    tilt (1.3.3)
    tzinfo (0.3.33)
    wikipedia-client (1.0.0)

PLATFORMS
  ruby

DEPENDENCIES
  haml
  json_pure
  newrelic_rpm
  pg
  sinatra
  sinatra-activerecord
  wikipedia-client
